GEM
  remote: https://rubygems.org/
  specs:
    async (2.34.0)
      console (~> 1.29)
      fiber-annotation
      io-event (~> 1.11)
      metrics (~> 0.12)
      traces (~> 0.18)
    async-container (0.27.4)
      async (~> 2.22)
    async-container-supervisor (0.6.1)
      async-service
      io-endpoint
      memory-leak (~> 0.5)
    async-http (0.91.0)
      async (>= 2.10.2)
      async-pool (~> 0.11)
      io-endpoint (~> 0.14)
      io-stream (~> 0.6)
      metrics (~> 0.12)
      protocol-http (~> 0.49)
      protocol-http1 (~> 0.30)
      protocol-http2 (~> 0.22)
      traces (~> 0.10)
    async-http-cache (0.4.6)
      async-http (~> 0.56)
    async-pool (0.11.0)
      async (>= 2.0)
    async-service (0.14.4)
      async
      async-container (~> 0.16)
      string-format (~> 0.2)
    bigdecimal (3.2.3)
    console (1.34.1)
      fiber-annotation
      fiber-local (~> 1.1)
      json
    falcon (0.52.4)
      async
      async-container (~> 0.20)
      async-container-supervisor (~> 0.6)
      async-http (~> 0.75)
      async-http-cache (~> 0.4)
      async-service (~> 0.10)
      bundler
      localhost (~> 1.1)
      openssl (~> 3.0)
      protocol-http (~> 0.31)
      protocol-rack (~> 0.7)
      samovar (~> 2.3)
    fiber-annotation (0.2.0)
    fiber-local (1.1.0)
      fiber-storage
    fiber-storage (1.0.1)
    io-endpoint (0.15.2)
    io-event (1.11.2)
    io-stream (0.10.0)
    json (2.15.1)
    localhost (1.6.0)
    mapping (1.1.3)
    memory-leak (0.7.0)
    metrics (0.15.0)
    openssl (3.3.1)
    protocol-hpack (1.5.1)
    protocol-http (0.54.0)
    protocol-http1 (0.35.2)
      protocol-http (~> 0.22)
    protocol-http2 (0.23.0)
      protocol-hpack (~> 1.4)
      protocol-http (~> 0.47)
    protocol-rack (0.16.0)
      io-stream (>= 0.10)
      protocol-http (~> 0.43)
      rack (>= 1.0)
    rack (3.2.3)
    roda (3.97.0)
      rack
    samovar (2.4.1)
      console (~> 1.0)
      mapping (~> 1.0)
    sequel (5.97.0)
      bigdecimal
    sqlite3 (2.7.4-arm64-darwin)
    sqlite3 (2.7.4-x86_64-linux-gnu)
    string-format (0.2.0)
    traces (0.18.2)

PLATFORMS
  arm64-darwin-22
  x86_64-linux

DEPENDENCIES
  falcon
  roda (~> 3.97)
  sequel (~> 5.97)
  sqlite3 (~> 2.7)

RUBY VERSION
   ruby 3.2.2p53

BUNDLED WITH
   2.4.19
