GEM
  remote: https://rubygems.org/
  specs:
    async (2.10.1)
      console (~> 1.10)
      fiber-annotation
      io-event (~> 1.5, >= 1.5.1)
      timers (~> 4.1)
    async-container (0.18.0)
      async
      async-io
    async-http (0.64.0)
      async (>= 1.25)
      async-io (>= 1.28)
      async-pool (>= 0.2)
      protocol-http (~> 0.26.0)
      protocol-http1 (~> 0.18.0)
      protocol-http2 (~> 0.16.0)
      traces (>= 0.10.0)
    async-http-cache (0.4.3)
      async-http (~> 0.56)
    async-io (1.42.0)
      async
    async-pool (0.4.0)
      async (>= 1.25)
    async-service (0.10.0)
      async
      async-container (~> 0.16)
    bigdecimal (3.1.7)
    console (1.23.6)
      fiber-annotation
      fiber-local
      json
    falcon (0.45.0)
      async
      async-container (~> 0.18)
      async-http (~> 0.57)
      async-http-cache (~> 0.4.0)
      async-io (~> 1.22)
      async-service (~> 0.10.0)
      bundler
      localhost (~> 1.1)
      openssl (~> 3.0)
      process-metrics (~> 0.2.0)
      protocol-rack (~> 0.5)
      samovar (~> 2.3)
    fiber-annotation (0.2.0)
    fiber-local (1.0.0)
    io-event (1.5.1)
    json (2.7.1)
    localhost (1.2.0)
    mapping (1.1.1)
    openssl (3.2.0)
    process-metrics (0.2.1)
      console (~> 1.8)
      samovar (~> 2.1)
    protocol-hpack (1.4.3)
    protocol-http (0.26.1)
    protocol-http1 (0.18.0)
      protocol-http (~> 0.22)
    protocol-http2 (0.16.0)
      protocol-hpack (~> 1.4)
      protocol-http (~> 0.18)
    protocol-rack (0.5.0)
      protocol-http (~> 0.23)
      rack (>= 1.0)
    rack (3.0.10)
    roda (3.78.0)
      rack
    samovar (2.3.0)
      console (~> 1.0)
      mapping (~> 1.0)
    sequel (5.79.0)
      bigdecimal
    sqlite3 (1.7.3-arm64-darwin)
    sqlite3 (1.7.3-x86_64-linux)
    timers (4.3.5)
    traces (0.11.1)

PLATFORMS
  arm64-darwin-22
  x86_64-linux

DEPENDENCIES
  falcon
  roda (~> 3.78)
  sequel (~> 5.79)
  sqlite3 (~> 1.7)

RUBY VERSION
   ruby 3.2.2p53

BUNDLED WITH
   2.4.19
